GEM
  remote: https://rubygems.org/
  specs:
    dotenv (2.4.0)
    erubis (2.7.0)
    foreman (0.84.0)
      thor (~> 0.19.1)
    thor (0.19.4)
    tmuxinator (0.11.2)
      erubis (~> 2.6)
      thor (~> 0.19, >= 0.15.0)
      xdg (~> 2.2, >= 2.2.3)
    xdg (2.2.3)

PLATFORMS
  ruby

DEPENDENCIES
  dotenv
  foreman
  thor
  tmuxinator

BUNDLED WITH
   1.16.2
